GEM
  remote: https://rubygems.org/
  specs:
    tty-link (0.1.1)

PLATFORMS
  ruby

DEPENDENCIES
  tty-link

BUNDLED WITH
   2.1.4
